GEM
  remote: http://rubygems.org/
  specs:
    mustache (0.99.4)
    rack (1.4.1)
    rack-protection (1.2.0)
      rack
    sass (3.1.16)
    sinatra (1.3.2)
      rack (~> 1.3, >= 1.3.6)
      rack-protection (~> 1.2)
      tilt (~> 1.3, >= 1.3.3)
    tilt (1.3.3)

PLATFORMS
  ruby
  x86-mingw32

DEPENDENCIES
  mustache
  sass
  sinatra
